GEM
  remote: https://rubygems.org/
  specs:
    addressable (2.8.5)
      public_suffix (>= 2.0.2, < 6.0)
    asciidoctor (2.0.20)
    ffi (1.15.5)
    git (1.18.0)
      addressable (~> 2.8)
      rchardet (~> 1.8)
    listen (3.8.0)
      rb-fsevent (~> 0.10, >= 0.10.3)
      rb-inotify (~> 0.9, >= 0.9.10)
    public_suffix (5.0.3)
    rb-fsevent (0.11.2)
    rb-inotify (0.10.1)
      ffi (~> 1.0)
    rchardet (1.8.0)
    rerun (0.14.0)
      listen (~> 3.0)
    rouge (4.1.3)

PLATFORMS
  arm64-darwin-20
  arm64-darwin-21
  arm64-darwin-22
  arm64-darwin-23
  x86_64-darwin-20

DEPENDENCIES
  asciidoctor
  git
  rerun
  rouge

BUNDLED WITH
   2.3.7
